GIT
  remote: git://github.com/ruby-amqp/amqp.git
  revision: 9099accb1563bee2bc878c8926555c6710a319f9
  specs:
    amqp (0.8.0.rc15.pre)
      amq-client (~> 0.8.1)
      amq-protocol (~> 0.8.0)
      eventmachine

GIT
  remote: git://github.com/ruby-amqp/evented-spec.git
  revision: 2ac2d2a3fb32836c1b8631846d24e0b6d82f4aef
  specs:
    evented-spec (0.10.0.pre)

GEM
  remote: http://rubygems.org/
  specs:
    SystemTimer (1.2.3)
    addressable (2.2.6)
    amq-client (0.8.1)
      amq-protocol (>= 0.8.0)
      eventmachine
    amq-protocol (0.8.0)
    archive-tar-minitar (0.5.2)
    columnize (0.3.4)
    erubis (2.7.0)
    eventmachine (1.0.0.beta.3)
    faraday (0.7.4)
      addressable (~> 2.2.6)
      multipart-post (~> 1.1.0)
      rack (< 2, >= 1.1.0)
    ffi (1.0.9)
    god (0.11.0)
    hashr (0.0.13)
    i18n (0.5.0)
    json (1.5.3)
    linecache (0.46)
      rbx-require-relative (> 0.0.4)
    mario (0.0.6)
    minitest (2.5.1)
    minitest_tu_shim (1.3.2)
      minitest (>= 1.6.0)
    mocha (0.9.12)
    multi_json (1.0.3)
    multipart-post (1.1.3)
    net-scp (1.0.4)
      net-ssh (>= 1.99.1)
    net-ssh (2.1.4)
    net-ssh-shell (0.2.0)
      net-ssh (~> 2.1.0)
    rack (1.3.2)
    rake (0.9.2)
    rbx-require-relative (0.0.5)
    rdiscount (1.6.8)
    redis (2.2.2)
    redis-namespace (1.0.3)
      redis (< 3.0.0)
    resque (1.17.1)
      json (< 1.6, >= 1.4.6)
      redis-namespace (~> 1.0.2)
      sinatra (>= 0.9.2)
      vegas (~> 0.1.2)
    resque-heartbeat (0.0.2)
    resque-meta (1.0.3)
      resque (~> 1.8)
    ruby-debug (0.10.4)
      columnize (>= 0.1)
      ruby-debug-base (~> 0.10.4.0)
    ruby-debug-base (0.10.4)
      linecache (>= 0.3)
    sinatra (1.2.6)
      rack (~> 1.1)
      tilt (< 2.0, >= 1.2.2)
    test_declarative (0.0.5)
    thor (0.14.6)
    tilt (1.3.3)
    vagrant (0.7.8)
      archive-tar-minitar (= 0.5.2)
      erubis (~> 2.7.0)
      i18n (~> 0.5.0)
      json (~> 1.5.1)
      mario (~> 0.0.6)
      net-scp (~> 1.0.4)
      net-ssh (~> 2.1.4)
      thor (~> 0.14.6)
      virtualbox (~> 0.8.3)
    vegas (0.1.8)
      rack (>= 1.0.0)
    virtualbox (0.8.6)
      ffi (~> 1.0)
    yard (0.7.2)

PLATFORMS
  ruby

DEPENDENCIES
  SystemTimer
  amq-client (~> 0.8.1)
  amq-protocol (~> 0.8.0)
  amqp!
  evented-spec!
  eventmachine (>= 1.0.beta3)
  faraday (~> 0.7.3)
  god
  hashr (~> 0.0.13)
  minitest
  minitest_tu_shim
  mocha
  multi_json
  net-ssh
  net-ssh-shell
  rake (~> 0.9.2)
  rdiscount
  resque (~> 1.17.0)
  resque-heartbeat (~> 0.0.2)
  resque-meta (~> 1.0.3)
  ruby-debug
  test_declarative
  thor
  vagrant (~> 0.7.8)
  yard (~> 0.7.1)
